GEM
  remote: https://rubygems.org/
  specs:
    ast (2.4.1)
    haml (5.1.2)
      temple (>= 0.8.0)
      tilt
    haml-lint (0.999.999)
      haml_lint
    haml_lint (0.35.0)
      haml (>= 4.0, < 5.2)
      rainbow
      rubocop (>= 0.50.0)
      sysexits (~> 1.1)
    parallel (1.19.2)
    parser (2.7.1.4)
      ast (~> 2.4.1)
    rainbow (3.0.0)
    regexp_parser (1.7.1)
    rexml (3.2.4)
    rubocop (0.90.0)
      parallel (~> 1.10)
      parser (>= 2.7.1.1)
      rainbow (>= 2.2.2, < 4.0)
      regexp_parser (>= 1.7)
      rexml
      rubocop-ast (>= 0.3.0, < 1.0)
      ruby-progressbar (~> 1.7)
      unicode-display_width (>= 1.4.0, < 2.0)
    rubocop-ast (0.3.0)
      parser (>= 2.7.1.4)
    ruby-progressbar (1.10.1)
    sysexits (1.2.0)
    temple (0.8.2)
    tilt (2.0.10)
    unicode-display_width (1.7.0)

PLATFORMS
  ruby

DEPENDENCIES
  haml-lint

RUBY VERSION
   ruby 2.7.1p83

BUNDLED WITH
   2.1.4
